GEM
  remote: http://rubygems.org/
  specs:
    rack (1.4.1)
    rack-protection (1.2.0)
      rack
    sinatra (1.3.2)
      rack (~> 1.3, >= 1.3.6)
      rack-protection (~> 1.2)
      tilt (~> 1.3, >= 1.3.3)
    slyphon-zookeeper (0.2.10)
    tilt (1.3.3)
    zk (0.8.6)
      slyphon-zookeeper (~> 0.2.8)

PLATFORMS
  ruby

DEPENDENCIES
  sinatra
  zk
